GEM
  remote: http://rubygems.org/
  specs:
    RedCloth (4.2.9)
    coderay (1.1.0)
    haml (3.1.8)
    i18n (0.6.5)
    mini_portile (0.5.2)
    nesta (0.9.13)
      RedCloth (~> 4.2)
      haml (~> 3.1)
      rack (~> 1.1)
      rdiscount (~> 1.6)
      sass (~> 3.1)
      shotgun (>= 0.8)
      sinatra (~> 1.3)
    nokogiri (1.6.0)
      mini_portile (~> 0.5.0)
    rack (1.5.2)
    rack-codehighlighter (0.5.0)
      nokogiri (>= 1.4.1)
      rack (>= 1.0.0)
    rack-protection (1.5.1)
      rack
    rdiscount (1.6.8)
    sass (3.2.12)
    shotgun (0.9)
      rack (>= 1.0)
    sinatra (1.4.4)
      rack (~> 1.4)
      rack-protection (~> 1.4)
      tilt (~> 1.3, >= 1.3.4)
    tilt (1.4.1)

PLATFORMS
  ruby

DEPENDENCIES
  coderay
  i18n
  nesta (= 0.9.13)
  rack-codehighlighter
